GEM
  remote: http://rubygems.org/
  specs:
    commonjs (0.2.5)
    guard (0.6.3)
      thor (~> 0.14.6)
    guard-less (0.1.2)
      guard (>= 0.2.2)
      less (~> 2.1.0)
    guard-stitch (0.0.3)
      guard (>= 0.4)
      stitch-rb (~> 0.0.4)
    less (2.1.0)
      commonjs (~> 0.2.0)
      therubyracer (~> 0.10.0)
    libv8 (3.3.10.4)
    slim (1.2.0)
      temple (~> 0.4.0)
      tilt (~> 1.3.3)
    stitch-rb (0.0.8)
    temple (0.4.0)
    therubyracer (0.10.1)
      libv8 (~> 3.3.10)
    thor (0.14.6)
    tilt (1.3.3)

PLATFORMS
  ruby

DEPENDENCIES
  guard
  guard-less
  guard-stitch
  slim
